{
  "AcquisitionMatrixPE": 80,
  "AcquisitionNumber": 1,
  "AcquisitionTime": "11:23:35.002500",
  "BandwidthPerPixelPhaseEncode": 24.038,
  "BaseResolution": 80,
  "BodyPartExamined": "BRAIN",
  "ConsistencyInfo": "N4_VE11E_LATEST_20181129",
  "ConversionSoftware": "dcm2niix",
  "ConversionSoftwareVersion": "v1.0.20181125  (JP2:OpenJPEG) GCC9.3.0",
  "DerivedVendorReportedEchoSpacing": 0.00052001,
  "DeviceSerialNumber": "166048",
  "DwellTime": 2.5e-06,
  "EchoTime": 0.03,
  "EchoTrainLength": 80,
  "EffectiveEchoSpacing": 0.00052001,
  "FlipAngle": 20,
  "HeudiconvVersion": "0.11.4",
  "ImageComments": "Single-band_reference_SENSE1",
  "ImageOrientationPatientDICOM": [0.996195, 0, -0.0871557, 0, 1, 0],
  "ImageType": [
    "ORIGINAL",
    "PRIMARY",
    "M",
    "ND",
    "NORM",
    "MOSAIC"
],
  "ImagingFrequency": 123.246,
  "InPlanePhaseEncodingDirectionDICOM": "COL",
  "InstitutionAddress": "North_13th_1701_Philadelphia_PA_US_19122",
  "InstitutionName": "Temple_University_-_Weiss_Hall",
  "InstitutionalDepartmentName": "Department",
  "MRAcquisitionType": "2D",
  "MagneticFieldStrength": 3,
  "Manufacturer": "Siemens",
  "ManufacturersModelName": "Prisma",
  "Modality": "MR",
  "PartialFourier": 1,
  "PatientPosition": "HFS",
  "PercentPhaseFOV": 100,
  "PhaseEncodingDirection": "j-",
  "PhaseEncodingSteps": 80,
  "PhaseResolution": 1,
  "PixelBandwidth": 2500,
  "ProcedureStepDescription": "Smith_Lab_RF1pilot",
  "ProtocolName": "CMRR_MB6_IP0_ME1_TR1700",
  "PulseSequenceDetails": "%CustomerSeq%_cmrr_mbep2d_bold",
  "ReceiveCoilActiveElements": "HE1-4",
  "ReceiveCoilName": "HeadNeck_20",
  "ReconMatrixPE": 80,
  "RepetitionTime": 0.626,
  "SAR": 0.0246017,
  "ScanOptions": "FS",
  "ScanningSequence": "EP",
  "SequenceName": "epfid2d1_80",
  "SequenceVariant": "SK_SS",
  "SeriesDescription": "CMRR_MB6_IP0_ME1_TR1700_SBRef",
  "SeriesNumber": 9,
  "ShimSetting": [1426, -7404, 6441, 160, 11, 53, -193, 76],
  "SliceThickness": 2.7,
  "SliceTiming": [3.57, 3.5025, 3.435, 3.3675, 3.3, 3.2325, 3.165, 3.0975, 3.03, 2.9625, 2.895, 2.83, 2.7625, 2.695, 2.6275, 2.56, 2.4925, 2.425, 2.3575, 2.29, 2.2225, 2.155, 2.0875, 2.02, 1.9525, 1.8875, 1.82, 1.7525, 1.685, 1.6175, 1.55, 1.4825, 1.415, 1.3475, 1.28, 1.2125, 1.145, 1.0775, 1.01, 0.9425, 0.8775, 0.81, 0.7425, 0.675, 0.6075, 0.54, 0.4725, 0.405, 0.3375, 0.27, 0.2025, 0.135, 0.0675, 0],
  "SoftwareVersions": "syngo_MR_E11",
  "SpacingBetweenSlices": 2.97,
  "StationName": "AWP166048",
  "TaskName": "sharedreward",
  "TotalReadoutTime": 0.0410808,
  "TxRefAmp": 259.681,
  "WipMemBlock": "23b1b21e-5849-4532-a881-e184a5f804e7||Sequence: R016 ve11e/master r/434b28f1; Aug  7 2019 18:53:46 by eja"
}