{
	"Modality": "MR",
	"MagneticFieldStrength": 3,
	"ImagingFrequency": 123.246,
	"Manufacturer": "Siemens",
	"ManufacturersModelName": "Prisma",
	"InstitutionName": "Temple_University_-_Weiss_Hall",
	"InstitutionalDepartmentName": "Department",
	"InstitutionAddress": "North_13th_1701_Philadelphia_PA_US_19122",
	"DeviceSerialNumber": "166048",
	"StationName": "AWP166048",
	"BodyPartExamined": "BRAIN",
	"PatientPosition": "HFS",
	"ProcedureStepDescription": "Smith_Lab_RF1pilot",
	"SoftwareVersions": "syngo_MR_E11",
	"MRAcquisitionType": "2D",
	"SeriesDescription": "CMRR_MB6_IP2_ME4_TR1700",
	"ProtocolName": "CMRR_MB6_IP2_ME4_TR1700",
	"ScanningSequence": "EP",
	"SequenceVariant": "SK_SS",
	"ScanOptions": "PFP_FS",
	"SequenceName": "epfid2d4_80",
	"ImageType": ["ORIGINAL", "PRIMARY", "M", "MB", "TE3", "ND", "NORM", "MOSAIC"],
	"SeriesNumber": 20,
	"AcquisitionTime": "13:39:24.992500",
	"AcquisitionNumber": 1,
	"ImageComments": "Unaliased_MB6_PE4_LB_SENSE1+",
	"SliceThickness": 2.7,
	"SpacingBetweenSlices": 2.97,
	"SAR": 0.0191346,
	"EchoNumber": 3,
	"EchoTime": 0.0502,
	"RepetitionTime": 0.878,
	"FlipAngle": 20,
	"PartialFourier": 0.875,
	"BaseResolution": 80,
	"ShimSetting": [
		1421,
		-7451,
		6468,
		185,
		6,
		-105,
		-87,
		59	],
	"TxRefAmp": 262.158,
	"PhaseResolution": 1,
	"ReceiveCoilName": "HeadNeck_20",
	"ReceiveCoilActiveElements": "HE1-4",
	"PulseSequenceDetails": "%CustomerSeq%_cmrr_mbep2d_bold",
	"WipMemBlock": "b02a91c7-8ec0-48b4-990c-d5fb8c8a91a9||Sequence: R016 ve11e/master r/434b28f1; Aug  7 2019 18:53:46 by eja",
	"ConsistencyInfo": "N4_VE11E_LATEST_20181129",
	"MultibandAccelerationFactor": 6,
	"PercentPhaseFOV": 100,
	"EchoTrainLength": 34,
	"PhaseEncodingSteps": 69,
	"AcquisitionMatrixPE": 80,
	"ReconMatrixPE": 80,
	"BandwidthPerPixelPhaseEncode": 50,
	"ParallelReductionFactorInPlane": 2,
	"EffectiveEchoSpacing": 0.00025,
	"DerivedVendorReportedEchoSpacing": 0.0005,
	"TotalReadoutTime": 0.01975,
	"PixelBandwidth": 2500,
	"DwellTime": 2.5e-06,
	"PhaseEncodingDirection": "j-",
	"SliceTiming": [
		0.7625,
		0.6675,
		0.5725,
		0.4775,
		0.38,
		0.285,
		0.19,
		0.095,
		0,
		0.7625,
		0.6675,
		0.5725,
		0.4775,
		0.38,
		0.285,
		0.19,
		0.095,
		0,
		0.7625,
		0.6675,
		0.5725,
		0.4775,
		0.38,
		0.285,
		0.19,
		0.095,
		0,
		0.7625,
		0.6675,
		0.5725,
		0.4775,
		0.38,
		0.285,
		0.19,
		0.095,
		0,
		0.7625,
		0.6675,
		0.5725,
		0.4775,
		0.38,
		0.285,
		0.19,
		0.095,
		0,
		0.7625,
		0.6675,
		0.5725,
		0.4775,
		0.38,
		0.285,
		0.19,
		0.095,
		0	],
	"ImageOrientationPatientDICOM": [
		1,
		0,
		0,
		0,
		1,
		0	],
	"InPlanePhaseEncodingDirectionDICOM": "COL",
	"ConversionSoftware": "dcm2niix",
	"ConversionSoftwareVersion": "v1.0.20181125  (JP2:OpenJPEG) GCC9.3.0"
}
