{
  "AcquisitionMatrixPE": 80,
  "AcquisitionNumber": 1,
  "AcquisitionTime": "14:16:36.307500",
  "BandwidthPerPixelPhaseEncode": 50,
  "BaseResolution": 80,
  "BodyPartExamined": "BRAIN",
  "CoilString": "HE2_4;NE2",
  "ConsistencyInfo": "N4_VE11E_LATEST_20181129",
  "ConversionSoftware": "dcm2niix",
  "ConversionSoftwareVersion": "v1.0.20181125  (JP2:OpenJPEG) GCC9.3.0",
  "DerivedVendorReportedEchoSpacing": 0.0005,
  "DeviceSerialNumber": "166048",
  "DwellTime": 2.5e-06,
  "EchoNumber": 1,
  "EchoTime": 0.014,
  "EchoTrainLength": 34,
  "EffectiveEchoSpacing": 0.00025,
  "FlipAngle": 20,
  "HeudiconvVersion": "0.13.1",
  "ImageComments": "Unaliased_MB6_PE4_LB_SENSE1+",
  "ImageOrientationPatientDICOM": [
    1,
    0,
    0,
    0,
    0.996195,
    0.0871557
  ],
  "ImageType": [
    "ORIGINAL",
    "PRIMARY",
    "M",
    "MB",
    "TE1",
    "ND",
    "NORM",
    "MOSAIC"
  ],
  "ImagingFrequency": 123.246,
  "InPlanePhaseEncodingDirectionDICOM": "COL",
  "InstitutionAddress": "North_13th_1701_Philadelphia_PA_US_19122",
  "InstitutionName": "Temple_University_-_Weiss_Hall",
  "InstitutionalDepartmentName": "Department",
  "MRAcquisitionType": "2D",
  "MagneticFieldStrength": 3,
  "Manufacturer": "Siemens",
  "ManufacturersModelName": "Prisma",
  "Modality": "MR",
  "MultibandAccelerationFactor": 6,
  "ParallelReductionFactorInPlane": 2,
  "PartialFourier": 0.875,
  "PatientPosition": "HFS",
  "PercentPhaseFOV": 100,
  "PhaseEncodingDirection": "j-",
  "PhaseEncodingSteps": 69,
  "PhaseResolution": 1,
  "PixelBandwidth": 2500,
  "ProcedureStepDescription": "Smith_Lab_RF1pilot",
  "ProtocolName": "CMRR_MB6_IP2_ME4_TR1700",
  "PulseSequenceDetails": "%CustomerSeq%_cmrr_mbep2d_bold",
  "ReceiveCoilActiveElements": "HE2,4;NE2",
  "ReceiveCoilName": "HeadNeck_20",
  "ReconMatrixPE": 80,
  "RepetitionTime": 0.878,
  "SAR": 0.0185394,
  "ScanOptions": "PFP_FS",
  "ScanningSequence": "EP",
  "SequenceName": "epfid2d4_80",
  "SequenceVariant": "SK_SS",
  "SeriesDescription": "CMRR_MB6_IP2_ME4_TR1700",
  "SeriesNumber": 8,
  "ShimSetting": [
    1432,
    -7438,
    6528,
    323,
    -26,
    -192,
    135,
    44
  ],
  "SliceThickness": 2.7,
  "SliceTiming": [
    0.7625,
    0.6675,
    0.5725,
    0.4775,
    0.3825,
    0.2875,
    0.1925,
    0.095,
    0,
    0.7625,
    0.6675,
    0.5725,
    0.4775,
    0.3825,
    0.2875,
    0.1925,
    0.095,
    0,
    0.7625,
    0.6675,
    0.5725,
    0.4775,
    0.3825,
    0.2875,
    0.1925,
    0.095,
    0,
    0.7625,
    0.6675,
    0.5725,
    0.4775,
    0.3825,
    0.2875,
    0.1925,
    0.095,
    0,
    0.7625,
    0.6675,
    0.5725,
    0.4775,
    0.3825,
    0.2875,
    0.1925,
    0.095,
    0,
    0.7625,
    0.6675,
    0.5725,
    0.4775,
    0.3825,
    0.2875,
    0.1925,
    0.095,
    0
  ],
  "SoftwareVersions": "syngo_MR_E11",
  "SpacingBetweenSlices": 2.97,
  "StationName": "AWP166048",
  "TaskName": "sharedreward",
  "TotalReadoutTime": 0.01975,
  "TxRefAmp": 273.522,
  "WipMemBlock": "60482c38-769f-4b3f-8449-314b40eaf814||Sequence: R016 ve11e/master r/434b28f1; Aug  7 2019 18:53:46 by eja"
}