{
  "AcquisitionMatrixPE": 80,
  "AcquisitionNumber": 1,
  "AcquisitionTime": "14:33:31.235000",
  "BandwidthPerPixelPhaseEncode": 25,
  "BaseResolution": 80,
  "BodyPartExamined": "BRAIN",
  "CoilString": "HE1-4;NE1_2",
  "ConsistencyInfo": "N4_VE11E_LATEST_20181129",
  "ConversionSoftware": "dcm2niix",
  "ConversionSoftwareVersion": "v1.0.20181125  (JP2:OpenJPEG) GCC9.3.0",
  "DerivedVendorReportedEchoSpacing": 0.0005,
  "DeviceSerialNumber": "166048",
  "DwellTime": 2.5e-06,
  "EchoTime": 0.03,
  "EchoTrainLength": 80,
  "EffectiveEchoSpacing": 0.0005,
  "FlipAngle": 20,
  "HeudiconvVersion": "0.11.4",
  "ImageComments": "Single-band_reference_SENSE1",
  "ImageOrientationPatientDICOM": [0.993207, -0.00817162, -0.11607, 6.20768e-08, 0.997531, -0.0702283],
  "ImageType": [
    "ORIGINAL",
    "PRIMARY",
    "M",
    "ND",
    "NORM",
    "MOSAIC"
],
  "ImagingFrequency": 123.246,
  "InPlanePhaseEncodingDirectionDICOM": "COL",
  "InstitutionAddress": "North_13th_1701_Philadelphia_PA_US_19122",
  "InstitutionName": "Temple_University_-_Weiss_Hall",
  "InstitutionalDepartmentName": "Department",
  "MRAcquisitionType": "2D",
  "MagneticFieldStrength": 3,
  "Manufacturer": "Siemens",
  "ManufacturersModelName": "Prisma",
  "Modality": "MR",
  "PartialFourier": 1,
  "PatientPosition": "HFS",
  "PercentPhaseFOV": 100,
  "PhaseEncodingDirection": "j-",
  "PhaseEncodingSteps": 80,
  "PhaseResolution": 1,
  "PixelBandwidth": 2500,
  "ProcedureStepDescription": "Smith_Lab_RF1pilot",
  "ProtocolName": "CMRR_MB3_IP0_ME1_TR1700",
  "PulseSequenceDetails": "%CustomerSeq%_cmrr_mbep2d_bold",
  "ReceiveCoilActiveElements": "HE1-4;NE1,2",
  "ReceiveCoilName": "HeadNeck_20",
  "ReconMatrixPE": 80,
  "RepetitionTime": 1.15,
  "SAR": 0.024945,
  "ScanOptions": "FS",
  "ScanningSequence": "EP",
  "SequenceName": "epfid2d1_80",
  "SequenceVariant": "SK_SS",
  "SeriesDescription": "CMRR_MB3_IP0_ME1_TR1700_SBRef",
  "SeriesNumber": 21,
  "ShimSetting": [1392, -7474, 6478, 132, 82, -248, -223, 124],
  "SliceThickness": 2.7,
  "SliceTiming": [3.3225, 3.2575, 3.19, 3.1225, 3.0575, 2.99, 2.925, 2.8575, 2.7925, 2.725, 2.6575, 2.5925, 2.525, 2.46, 2.3925, 2.325, 2.26, 2.1925, 2.1275, 2.06, 1.995, 1.9275, 1.86, 1.795, 1.7275, 1.6625, 1.595, 1.5275, 1.4625, 1.395, 1.33, 1.2625, 1.1975, 1.13, 1.0625, 0.9975, 0.93, 0.865, 0.7975, 0.73, 0.665, 0.5975, 0.5325, 0.465, 0.4, 0.3325, 0.265, 0.2, 0.1325, 0.0675, 0],
  "SoftwareVersions": "syngo_MR_E11",
  "SpacingBetweenSlices": 2.97,
  "StationName": "AWP166048",
  "TaskName": "sharedreward",
  "TotalReadoutTime": 0.0395,
  "TxRefAmp": 265.724,
  "WipMemBlock": "b7247971-517d-48db-b3e6-93c3b311e141||Sequence: R016 ve11e/master r/434b28f1; Aug  7 2019 18:53:46 by eja"
}