{
  "AcquisitionMatrixPE": 80,
  "AcquisitionNumber": 1,
  "AcquisitionTime": "17:21:22.967500",
  "BandwidthPerPixelPhaseEncode": 24.038,
  "BaseResolution": 80,
  "BodyPartExamined": "BRAIN",
  "ConsistencyInfo": "N4_VE11E_LATEST_20181129",
  "ConversionSoftware": "dcm2niix",
  "ConversionSoftwareVersion": "v1.0.20181125  (JP2:OpenJPEG) GCC9.3.0",
  "DerivedVendorReportedEchoSpacing": 0.00052001,
  "DeviceSerialNumber": "166048",
  "DwellTime": 2.5e-06,
  "EchoTime": 0.03,
  "EchoTrainLength": 80,
  "EffectiveEchoSpacing": 0.00052001,
  "FlipAngle": 20,
  "HeudiconvVersion": "0.13.1",
  "ImageComments": "Single-band_reference_SENSE1",
  "ImageOrientationPatientDICOM": [1, 0, 0, 0, 1, 0],
  "ImageType": [
    "ORIGINAL",
    "PRIMARY",
    "M",
    "ND",
    "NORM",
    "MOSAIC"
],
  "ImagingFrequency": 123.246,
  "InPlanePhaseEncodingDirectionDICOM": "COL",
  "InstitutionAddress": "North_13th_1701_Philadelphia_PA_US_19122",
  "InstitutionName": "Temple_University_-_Weiss_Hall",
  "InstitutionalDepartmentName": "Department",
  "MRAcquisitionType": "2D",
  "MagneticFieldStrength": 3,
  "Manufacturer": "Siemens",
  "ManufacturersModelName": "Prisma",
  "Modality": "MR",
  "PartialFourier": 1,
  "PatientPosition": "HFS",
  "PercentPhaseFOV": 100,
  "PhaseEncodingDirection": "j-",
  "PhaseEncodingSteps": 80,
  "PhaseResolution": 1,
  "PixelBandwidth": 2500,
  "ProcedureStepDescription": "Smith_Lab_RF1pilot",
  "ProtocolName": "CMRR_MB6_IP0_ME1_TR1700",
  "PulseSequenceDetails": "%CustomerSeq%_cmrr_mbep2d_bold",
  "ReceiveCoilActiveElements": "HC1-6",
  "ReceiveCoilName": "HeadNeck_64",
  "ReconMatrixPE": 80,
  "RepetitionTime": 0.626,
  "SAR": 0.0188508,
  "ScanOptions": "FS",
  "ScanningSequence": "EP",
  "SequenceName": "epfid2d1_80",
  "SequenceVariant": "SK_SS",
  "SeriesDescription": "CMRR_MB6_IP0_ME1_TR1700_SBRef",
  "SeriesNumber": 21,
  "ShimSetting": [1414, -7436, 6496, 283, -51, -44, -56, 68],
  "SliceThickness": 2.7,
  "SliceTiming": [3.5675, 3.5, 3.4325, 3.365, 3.2975, 3.23, 3.1625, 3.095, 3.03, 2.9625, 2.895, 2.8275, 2.76, 2.6925, 2.625, 2.5575, 2.49, 2.4225, 2.355, 2.2875, 2.22, 2.1525, 2.0875, 2.02, 1.9525, 1.885, 1.8175, 1.75, 1.6825, 1.615, 1.5475, 1.48, 1.4125, 1.345, 1.2775, 1.21, 1.1425, 1.0775, 1.01, 0.9425, 0.875, 0.8075, 0.74, 0.6725, 0.605, 0.5375, 0.47, 0.4025, 0.335, 0.2675, 0.2, 0.1325, 0.0675, 0],
  "SoftwareVersions": "syngo_MR_E11",
  "SpacingBetweenSlices": 2.97,
  "StationName": "AWP166048",
  "TaskName": "sharedreward",
  "TotalReadoutTime": 0.0410808,
  "TxRefAmp": 217.287,
  "WipMemBlock": "15eff500-d7b3-48c9-87d1-d8e825c4f038||Sequence: R016 ve11e/master r/434b28f1; Aug  7 2019 18:53:46 by eja"
}