{
  "AcquisitionMatrixPE": 80,
  "AcquisitionNumber": 1,
  "AcquisitionTime": "11:17:57.972500",
  "BandwidthPerPixelPhaseEncode": 25.51,
  "BaseResolution": 80,
  "BodyPartExamined": "BRAIN",
  "ConsistencyInfo": "N4_VE11E_LATEST_20181129",
  "ConversionSoftware": "dcm2niix",
  "ConversionSoftwareVersion": "v1.0.20181125  (JP2:OpenJPEG) GCC9.3.0",
  "DerivedVendorReportedEchoSpacing": 0.000490004,
  "DeviceSerialNumber": "166048",
  "DwellTime": 2.5e-06,
  "EchoTime": 0.03,
  "EchoTrainLength": 80,
  "EffectiveEchoSpacing": 0.000490004,
  "FlipAngle": 20,
  "HeudiconvVersion": "0.13.1",
  "ImageComments": "SENSE1",
  "ImageOrientationPatientDICOM": [1, 0, 0, 0, 0.995396, -0.0958458],
  "ImageType": [
    "ORIGINAL",
    "PRIMARY",
    "M",
    "ND",
    "NORM",
    "MOSAIC"
],
  "ImagingFrequency": 123.246,
  "InPlanePhaseEncodingDirectionDICOM": "COL",
  "InstitutionAddress": "North_13th_1701_Philadelphia_PA_US_19122",
  "InstitutionName": "Temple_University_-_Weiss_Hall",
  "InstitutionalDepartmentName": "Department",
  "MRAcquisitionType": "2D",
  "MagneticFieldStrength": 3,
  "Manufacturer": "Siemens",
  "ManufacturersModelName": "Prisma",
  "Modality": "MR",
  "PartialFourier": 1,
  "PatientPosition": "HFS",
  "PercentPhaseFOV": 100,
  "PhaseEncodingDirection": "j-",
  "PhaseEncodingSteps": 80,
  "PhaseResolution": 1,
  "PixelBandwidth": 2500,
  "ProcedureStepDescription": "Smith_Lab_RF1pilot",
  "ProtocolName": "CMRR_MB1_IP0_ME1_TR1700",
  "PulseSequenceDetails": "%CustomerSeq%_cmrr_mbep2d_bold",
  "ReceiveCoilActiveElements": "HC1-7",
  "ReceiveCoilName": "HeadNeck_64",
  "ReconMatrixPE": 80,
  "RepetitionTime": 3.39,
  "SAR": 0.015251,
  "ScanOptions": "FS",
  "ScanningSequence": "EP",
  "SequenceName": "epfid2d1_80",
  "SequenceVariant": "SK_SS",
  "SeriesDescription": "CMRR_MB1_IP0_ME1_TR1700",
  "SeriesNumber": 13,
  "ShimSetting": [1429, -7383, 6470, 266, -60, -89, -147, 18],
  "SliceThickness": 2.7,
  "SliceTiming": [3.305, 3.2375, 3.1725, 3.1075, 3.04, 2.975, 2.9075, 2.8425, 2.775, 2.71, 2.645, 2.5775, 2.5125, 2.445, 2.38, 2.3125, 2.2475, 2.1825, 2.115, 2.05, 1.9825, 1.9175, 1.85, 1.785, 1.72, 1.6525, 1.5875, 1.52, 1.455, 1.3875, 1.3225, 1.2575, 1.19, 1.125, 1.0575, 0.9925, 0.925, 0.86, 0.795, 0.7275, 0.6625, 0.595, 0.53, 0.4625, 0.3975, 0.3325, 0.265, 0.2, 0.1325, 0.0675, 0],
  "SoftwareVersions": "syngo_MR_E11",
  "SpacingBetweenSlices": 2.97,
  "StationName": "AWP166048",
  "TaskName": "sharedreward",
  "TotalReadoutTime": 0.0387103,
  "TxRefAmp": 227.606,
  "WipMemBlock": "b87fa02c-0c19-44ee-a682-a1c9770a2d05||Sequence: R016 ve11e/master r/434b28f1; Aug  7 2019 18:53:46 by eja"
}