{
  "AcquisitionMatrixPE": 80,
  "AcquisitionNumber": 1,
  "AcquisitionTime": "11:24:7.385000",
  "BandwidthPerPixelPhaseEncode": 25.51,
  "BaseResolution": 80,
  "BodyPartExamined": "BRAIN",
  "ConsistencyInfo": "N4_VE11E_LATEST_20181129",
  "ConversionSoftware": "dcm2niix",
  "ConversionSoftwareVersion": "v1.0.20181125  (JP2:OpenJPEG) GCC9.3.0",
  "DerivedVendorReportedEchoSpacing": 0.000490004,
  "DeviceSerialNumber": "166048",
  "DwellTime": 2.5e-06,
  "EchoTime": 0.03,
  "EchoTrainLength": 80,
  "EffectiveEchoSpacing": 0.000490004,
  "FlipAngle": 20,
  "HeudiconvVersion": "0.13.1",
  "ImageComments": "SENSE1",
  "ImageOrientationPatientDICOM": [1, 0, 0, 0, 0.986572, -0.163326],
  "ImageType": [
    "ORIGINAL",
    "PRIMARY",
    "M",
    "ND",
    "NORM",
    "MOSAIC"
],
  "ImagingFrequency": 123.246,
  "InPlanePhaseEncodingDirectionDICOM": "COL",
  "InstitutionAddress": "North_13th_1701_Philadelphia_PA_US_19122",
  "InstitutionName": "Temple_University_-_Weiss_Hall",
  "InstitutionalDepartmentName": "Department",
  "MRAcquisitionType": "2D",
  "MagneticFieldStrength": 3,
  "Manufacturer": "Siemens",
  "ManufacturersModelName": "Prisma",
  "Modality": "MR",
  "PartialFourier": 1,
  "PatientPosition": "HFS",
  "PercentPhaseFOV": 100,
  "PhaseEncodingDirection": "j-",
  "PhaseEncodingSteps": 80,
  "PhaseResolution": 1,
  "PixelBandwidth": 2500,
  "ProcedureStepDescription": "Smith_Lab_RF1pilot",
  "ProtocolName": "CMRR_MB1_IP0_ME1_TR1700",
  "PulseSequenceDetails": "%CustomerSeq%_cmrr_mbep2d_bold",
  "ReceiveCoilActiveElements": "HC1-7;NC1",
  "ReceiveCoilName": "HeadNeck_64",
  "ReconMatrixPE": 80,
  "RepetitionTime": 3.39,
  "SAR": 0.016788,
  "ScanOptions": "FS",
  "ScanningSequence": "EP",
  "SequenceName": "epfid2d1_80",
  "SequenceVariant": "SK_SS",
  "SeriesDescription": "CMRR_MB1_IP0_ME1_TR1700",
  "SeriesNumber": 13,
  "ShimSetting": [1416, -7426, 6497, 298, 61, -49, -109, 54],
  "SliceThickness": 2.7,
  "SliceTiming": [3.3025, 3.2375, 3.1725, 3.105, 3.04, 2.9725, 2.9075, 2.84, 2.775, 2.71, 2.6425, 2.5775, 2.51, 2.445, 2.3775, 2.3125, 2.2475, 2.18, 2.115, 2.0475, 1.9825, 1.9175, 1.85, 1.785, 1.7175, 1.6525, 1.585, 1.52, 1.455, 1.3875, 1.3225, 1.255, 1.19, 1.1225, 1.0575, 0.9925, 0.925, 0.86, 0.7925, 0.7275, 0.66, 0.595, 0.53, 0.4625, 0.3975, 0.33, 0.265, 0.1975, 0.1325, 0.0675, 0],
  "SoftwareVersions": "syngo_MR_E11",
  "SpacingBetweenSlices": 2.97,
  "StationName": "AWP166048",
  "TaskName": "sharedreward",
  "TotalReadoutTime": 0.0387103,
  "TxRefAmp": 238.124,
  "WipMemBlock": "cee095ec-64e0-46d6-94c4-4ee7c3dbf610||Sequence: R016 ve11e/master r/434b28f1; Aug  7 2019 18:53:46 by eja"
}