{
  "AcquisitionMatrixPE": 80,
  "AcquisitionNumber": 1,
  "AcquisitionTime": "13:10:29.677500",
  "BandwidthPerPixelPhaseEncode": 50,
  "BaseResolution": 80,
  "BodyPartExamined": "BRAIN",
  "CoilString": "HE1-4;NE1_2",
  "ConsistencyInfo": "N4_VE11E_LATEST_20181129",
  "ConversionSoftware": "dcm2niix",
  "ConversionSoftwareVersion": "v1.0.20181125  (JP2:OpenJPEG) GCC9.3.0",
  "DerivedVendorReportedEchoSpacing": 0.0005,
  "DeviceSerialNumber": "166048",
  "DwellTime": 2.5e-06,
  "EchoNumber": 3,
  "EchoTime": 0.0502,
  "EchoTrainLength": 34,
  "EffectiveEchoSpacing": 0.00025,
  "FlipAngle": 20,
  "HeudiconvVersion": "0.11.4",
  "ImageComments": "Single-band_reference_SENSE1+",
  "ImageOrientationPatientDICOM": [
    1,
    0,
    0,
    0,
    0.993373,
    -0.114937
  ],
  "ImageType": [
    "ORIGINAL",
    "PRIMARY",
    "M",
    "TE3",
    "ND",
    "NORM",
    "MOSAIC"
  ],
  "ImagingFrequency": 123.246,
  "InPlanePhaseEncodingDirectionDICOM": "COL",
  "InstitutionAddress": "North_13th_1701_Philadelphia_PA_US_19122",
  "InstitutionName": "Temple_University_-_Weiss_Hall",
  "InstitutionalDepartmentName": "Department",
  "MRAcquisitionType": "2D",
  "MagneticFieldStrength": 3,
  "Manufacturer": "Siemens",
  "ManufacturersModelName": "Prisma",
  "Modality": "MR",
  "ParallelReductionFactorInPlane": 2,
  "PartialFourier": 0.875,
  "PatientPosition": "HFS",
  "PercentPhaseFOV": 100,
  "PhaseEncodingDirection": "j-",
  "PhaseEncodingSteps": 69,
  "PhaseResolution": 1,
  "PixelBandwidth": 2500,
  "ProcedureStepDescription": "Smith_Lab_RF1pilot",
  "ProtocolName": "CMRR_MB6_IP2_ME4_TR1700",
  "PulseSequenceDetails": "%CustomerSeq%_cmrr_mbep2d_bold",
  "ReceiveCoilActiveElements": "HE1-4;NE1,2",
  "ReceiveCoilName": "HeadNeck_20",
  "ReconMatrixPE": 80,
  "RepetitionTime": 0.878,
  "SAR": 0.0171523,
  "ScanOptions": "PFP_FS",
  "ScanningSequence": "EP",
  "SequenceName": "epfid2d4_80",
  "SequenceVariant": "SK_SS",
  "SeriesDescription": "CMRR_MB6_IP2_ME4_TR1700_SBRef",
  "SeriesNumber": 7,
  "ShimSetting": [
    1428,
    -7396,
    6468,
    172,
    -11,
    -205,
    -85,
    32
  ],
  "SliceThickness": 2.7,
  "SliceTiming": [
    5.0525,
    4.9575,
    4.86,
    4.765,
    4.67,
    4.575,
    4.48,
    4.385,
    4.29,
    4.1925,
    4.0975,
    4.0025,
    3.9075,
    3.8125,
    3.7175,
    3.6225,
    3.5275,
    3.43,
    3.335,
    3.24,
    3.145,
    3.05,
    2.955,
    2.86,
    2.7625,
    2.6675,
    2.5725,
    2.4775,
    2.3825,
    2.2875,
    2.1925,
    2.0975,
    2,
    1.905,
    1.81,
    1.715,
    1.62,
    1.525,
    1.43,
    1.335,
    1.2375,
    1.1425,
    1.0475,
    0.9525,
    0.8575,
    0.7625,
    0.6675,
    0.57,
    0.475,
    0.38,
    0.285,
    0.19,
    0.095,
    0
  ],
  "SoftwareVersions": "syngo_MR_E11",
  "SpacingBetweenSlices": 2.97,
  "StationName": "AWP166048",
  "TaskName": "sharedreward",
  "TotalReadoutTime": 0.01975,
  "TxRefAmp": 256.889,
  "WipMemBlock": "dc01c8f7-9d64-4015-946f-f18948b417b8||Sequence: R016 ve11e/master r/434b28f1; Aug  7 2019 18:53:46 by eja"
}