{
  "AcquisitionMatrixPE": 80,
  "AcquisitionNumber": 1,
  "AcquisitionTime": "19:59:20.332500",
  "BandwidthPerPixelPhaseEncode": 51.02,
  "BaseResolution": 80,
  "BodyPartExamined": "BRAIN",
  "ConsistencyInfo": "N4_VE11E_LATEST_20181129",
  "ConversionSoftware": "dcm2niix",
  "ConversionSoftwareVersion": "v1.0.20181125  (JP2:OpenJPEG) GCC9.3.0",
  "DerivedVendorReportedEchoSpacing": 0.000490004,
  "DeviceSerialNumber": "166048",
  "DwellTime": 2.5e-06,
  "EchoNumber": 1,
  "EchoTime": 0.0138,
  "EchoTrainLength": 34,
  "EffectiveEchoSpacing": 0.000245002,
  "FlipAngle": 20,
  "HeudiconvVersion": "0.11.4",
  "ImageComments": "Single-band_reference_SENSE1+",
  "ImageOrientationPatientDICOM": [
    1,
    -0.000102511,
    -0.000626149,
    -1.10822e-08,
    0.986859,
    -0.161583
  ],
  "ImageType": [
    "ORIGINAL",
    "PRIMARY",
    "M",
    "TE1",
    "ND",
    "NORM",
    "MOSAIC"
  ],
  "ImagingFrequency": 123.246,
  "InPlanePhaseEncodingDirectionDICOM": "COL",
  "InstitutionAddress": "North_13th_1701_Philadelphia_PA_US_19122",
  "InstitutionName": "Temple_University_-_Weiss_Hall",
  "InstitutionalDepartmentName": "Department",
  "MRAcquisitionType": "2D",
  "MagneticFieldStrength": 3,
  "Manufacturer": "Siemens",
  "ManufacturersModelName": "Prisma",
  "Modality": "MR",
  "ParallelReductionFactorInPlane": 2,
  "PartialFourier": 0.875,
  "PatientPosition": "HFS",
  "PercentPhaseFOV": 100,
  "PhaseEncodingDirection": "j-",
  "PhaseEncodingSteps": 69,
  "PhaseResolution": 1,
  "PixelBandwidth": 2500,
  "ProcedureStepDescription": "Smith_Lab_RF1pilot",
  "ProtocolName": "CMRR_MB3_IP2_ME4_TR1700",
  "PulseSequenceDetails": "%CustomerSeq%_cmrr_mbep2d_bold",
  "ReceiveCoilActiveElements": "HC1-7;NC1",
  "ReceiveCoilName": "HeadNeck_64",
  "ReconMatrixPE": 80,
  "RepetitionTime": 1.615,
  "SAR": 0.017069,
  "ScanOptions": "PFP_FS",
  "ScanningSequence": "EP",
  "SequenceName": "epfid2d4_80",
  "SequenceVariant": "SK_SS",
  "SeriesDescription": "CMRR_MB3_IP2_ME4_TR1700_SBRef",
  "SeriesNumber": 20,
  "ShimSetting": [
    1426,
    -7408,
    6493,
    276,
    1,
    -65,
    -38,
    19
  ],
  "SliceThickness": 2.7,
  "SliceTiming": [
    4.69,
    4.5975,
    4.5025,
    4.41,
    4.315,
    4.2225,
    4.1275,
    4.035,
    3.94,
    3.8475,
    3.7525,
    3.66,
    3.565,
    3.47,
    3.3775,
    3.2825,
    3.19,
    3.095,
    3.0025,
    2.9075,
    2.815,
    2.72,
    2.6275,
    2.5325,
    2.44,
    2.345,
    2.2525,
    2.1575,
    2.065,
    1.97,
    1.875,
    1.7825,
    1.6875,
    1.595,
    1.5,
    1.4075,
    1.3125,
    1.22,
    1.125,
    1.0325,
    0.9375,
    0.845,
    0.75,
    0.6575,
    0.5625,
    0.47,
    0.375,
    0.2825,
    0.1875,
    0.0925,
    0
  ],
  "SoftwareVersions": "syngo_MR_E11",
  "SpacingBetweenSlices": 2.97,
  "StationName": "AWP166048",
  "TaskName": "sharedreward",
  "TotalReadoutTime": 0.0193552,
  "TxRefAmp": 281.834,
  "WipMemBlock": "3f8972e7-adbb-4aa4-80d7-5d02265681a6||Sequence: R016 ve11e/master r/434b28f1; Aug  7 2019 18:53:46 by eja"
}