{
  "AcquisitionMatrixPE": 80,
  "AcquisitionNumber": 1,
  "AcquisitionTime": "13:25:4.552500",
  "BaseResolution": 80,
  "BodyPartExamined": "BRAIN",
  "CoilString": "HC1-7;NC1_2",
  "ConsistencyInfo": "N4_VE11E_LATEST_20181129",
  "ConversionSoftware": "dcm2niix",
  "ConversionSoftwareVersion": "v1.0.20181125  (JP2:OpenJPEG) GCC9.3.0",
  "DeviceSerialNumber": "166048",
  "DwellTime": 1.78e-05,
  "EchoNumber": 1,
  "EchoTime": 0.00492,
  "FlipAngle": 60,
  "HeudiconvVersion": "0.13.1",
  "ImageOrientationPatientDICOM": [1, 0, 0, 0, 0.997564, -0.0697565],
  "ImageType": [
    "ORIGINAL",
    "PRIMARY",
    "M",
    "ND",
    "NORM"
],
  "ImagingFrequency": 123.246,
  "InPlanePhaseEncodingDirectionDICOM": "COL",
  "InstitutionAddress": "North_13th_1701_Philadelphia_PA_US_19122",
  "InstitutionName": "Temple_University_-_Weiss_Hall",
  "InstitutionalDepartmentName": "Department",
  "IntendedFor": [
    "func/sub-10137_task-sharedreward_acq-mb1me1_bold.nii.gz",
    "func/sub-10137_task-sharedreward_acq-mb3me1_bold.nii.gz",
    "func/sub-10137_task-sharedreward_acq-mb3me4_echo-1_bold.nii.gz",
    "func/sub-10137_task-sharedreward_acq-mb3me4_echo-2_bold.nii.gz",
    "func/sub-10137_task-sharedreward_acq-mb3me4_echo-3_bold.nii.gz",
    "func/sub-10137_task-sharedreward_acq-mb3me4_echo-4_bold.nii.gz",
    "func/sub-10137_task-sharedreward_acq-mb6me4_echo-1_bold.nii.gz",
    "func/sub-10137_task-sharedreward_acq-mb6me4_echo-2_bold.nii.gz",
    "func/sub-10137_task-sharedreward_acq-mb6me4_echo-3_bold.nii.gz",
    "func/sub-10137_task-sharedreward_acq-mb6me4_echo-4_bold.nii.gz"
],
  "MRAcquisitionType": "2D",
  "MagneticFieldStrength": 3,
  "Manufacturer": "Siemens",
  "ManufacturersModelName": "Prisma",
  "Modality": "MR",
  "PartialFourier": 1,
  "PatientPosition": "HFS",
  "PercentPhaseFOV": 100,
  "PhaseEncodingDirection": "j-",
  "PhaseEncodingSteps": 80,
  "PhaseResolution": 1,
  "PixelBandwidth": 350,
  "ProcedureStepDescription": "Smith_Lab_RF1pilot",
  "ProtocolName": "fmap_gre_field_mapping_2p8iso",
  "PulseSequenceDetails": "%SiemensSeq%_gre_field_mapping",
  "ReceiveCoilActiveElements": "HC1-7;NC1,2",
  "ReceiveCoilName": "HeadNeck_64",
  "ReconMatrixPE": 80,
  "RepetitionTime": 0.645,
  "SAR": 0.0977341,
  "ScanningSequence": "GR",
  "SequenceName": "_fm2d2r",
  "SequenceVariant": "SP",
  "SeriesDescription": "fmap_gre_field_mapping_2p8iso",
  "SeriesNumber": 15,
  "ShimSetting": [1410, -7435, 6501, 412, 6, -79, 8, 19],
  "SliceThickness": 2.7,
  "SoftwareVersions": "syngo_MR_E11",
  "SpacingBetweenSlices": 2.97,
  "StationName": "AWP166048",
  "TxRefAmp": 231.709}